GEM
  remote: https://rubygems.org/
  specs:
    activemodel (5.2.3)
      activesupport (= 5.2.3)
    activerecord (5.2.3)
      activemodel (= 5.2.3)
      activesupport (= 5.2.3)
      arel (>= 9.0)
    activesupport (5.2.3)
      concurrent-ruby (~> 1.0, >= 1.0.2)
      i18n (>= 0.7, < 2)
      minitest (~> 5.1)
      tzinfo (~> 1.1)
    addressable (2.6.0)
      public_suffix (>= 2.0.2, < 4.0)
    arel (9.0.0)
    concurrent-ruby (1.1.5)
    crack (0.4.3)
      safe_yaml (~> 1.0.0)
    diff-lcs (1.3)
    factory_bot (5.0.2)
      activesupport (>= 4.2.0)
    faraday (0.15.4)
      multipart-post (>= 1.2, < 3)
    hashdiff (0.3.8)
    i18n (1.6.0)
      concurrent-ruby (~> 1.0)
    json (1.8.6)
    minitest (5.11.3)
    multipart-post (2.0.0)
    public_suffix (3.0.3)
    rspec (3.8.0)
      rspec-core (~> 3.8.0)
      rspec-expectations (~> 3.8.0)
      rspec-mocks (~> 3.8.0)
    rspec-core (3.8.0)
      rspec-support (~> 3.8.0)
    rspec-expectations (3.8.2)
      diff-lcs (>= 1.2.0, < 2.0)
      rspec-support (~> 3.8.0)
    rspec-mocks (3.8.0)
      diff-lcs (>= 1.2.0, < 2.0)
      rspec-support (~> 3.8.0)
    rspec-support (3.8.0)
    safe_yaml (1.0.5)
    shoulda-matchers (4.0.1)
      activesupport (>= 4.2.0)
    sqlite3 (1.4.0)
    thread_safe (0.3.6)
    tzinfo (1.2.5)
      thread_safe (~> 0.1)
    vcr (4.0.0)
    webmock (3.5.1)
      addressable (>= 2.3.6)
      crack (>= 0.3.2)
      hashdiff

PLATFORMS
  ruby

DEPENDENCIES
  activerecord (~> 5.0, >= 5.0.0.1)
  factory_bot
  faraday
  json (~> 1.8, >= 1.8.3)
  rspec
  shoulda-matchers
  sqlite3
  vcr
  webmock

BUNDLED WITH
   1.17.2
